GEM
  remote: http://rubygems.org/
  specs:
    elasticsearch (2.0.0)
      elasticsearch-api (= 2.0.0)
      elasticsearch-transport (= 2.0.0)
    elasticsearch-api (2.0.0)
      multi_json
    elasticsearch-transport (2.0.0)
      faraday
      multi_json
    faraday (0.9.2)
      multipart-post (>= 1.2, < 3)
    libv8 (3.16.14.15)
    mimemagic (0.4.3)
      nokogiri (~> 1)
      rake
    mini_portile2 (2.4.0)
    multi_json (1.12.1)
    multipart-post (2.0.0)
    nokogiri (1.10.10)
      mini_portile2 (~> 2.4.0)
    puma (3.6.0)
    rack (2.2.6.4)
    rack-rewrite (1.5.1)
    rake (13.0.6)
    ref (2.0.0)
    sendgrid-ruby (1.1.6)
      faraday (~> 0.9)
      mimemagic
      smtpapi (~> 0.1)
    smtpapi (0.1.0)
    therubyracer (0.12.2)
      libv8 (~> 3.16.14.0)
      ref

PLATFORMS
  ruby

DEPENDENCIES
  elasticsearch
  puma
  rack
  rack-rewrite
  sendgrid-ruby (< 3.0)
  therubyracer

BUNDLED WITH
   1.12.5
